GIT
  remote: https://github.com/MEGApixel23/Codebreaker.git
  revision: 403eaf5fde796b53c2af5099546c4c988195470d
  specs:
    codebreaker (0.1.4)
      json (~> 1.8.2)

GEM
  remote: https://rubygems.org/
  specs:
    json (1.8.3)
    json (1.8.3-java)
    rack (1.6.1)

PLATFORMS
  java
  x64-mingw32

DEPENDENCIES
  codebreaker!
  rack

BUNDLED WITH
   1.10.3
