GIT
  remote: https://github.com/MEGApixel23/Codebreaker.git
  revision: 8f4bf25a2405b8428f034c72e01e231be280f0c5
  specs:
    codebreaker (0.1.2)
      json (~> 1.8.2)

GEM
  remote: https://rubygems.org/
  specs:
    json (1.8.3)
    json (1.8.3-java)
    rack (1.6.1)

PLATFORMS
  java
  x64-mingw32

DEPENDENCIES
  codebreaker!
  rack

BUNDLED WITH
   1.10.3
